PATH
  remote: .
  specs:
    wikitext (4.1.0.99)

GEM
  remote: https://rubygems.org/
  specs:
    ZenTest (4.9.5)
    diff-lcs (1.2.1)
    rake (10.0.3)
    rspec (2.13.0)
      rspec-core (~> 2.13.0)
      rspec-expectations (~> 2.13.0)
      rspec-mocks (~> 2.13.0)
    rspec-core (2.13.0)
    rspec-expectations (2.13.0)
      diff-lcs (>= 1.1.3, < 2.0)
    rspec-mocks (2.13.0)
    thor (0.17.0)
    wopen3 (0.3)
    yard (0.8.5.2)

PLATFORMS
  ruby

DEPENDENCIES
  ZenTest
  rake
  rspec
  thor
  wikitext!
  wopen3
  yard
